GEM
  remote: https://rubygems.org/
  specs:
    activemodel (4.2.0)
      activesupport (= 4.2.0)
      builder (~> 3.1)
    activesupport (4.2.0)
      i18n (~> 0.7)
      json (~> 1.7, >= 1.7.7)
      minitest (~> 5.1)
      thread_safe (~> 0.3, >= 0.3.4)
      tzinfo (~> 1.1)
    bson (1.12.0)
    bson_ext (1.12.0)
      bson (~> 1.12.0)
    builder (3.2.2)
    cucumber (1.3.19)
      builder (>= 2.1.2)
      diff-lcs (>= 1.1.3)
      gherkin (~> 2.12)
      multi_json (>= 1.7.5, < 2.0)
      multi_test (>= 0.1.2)
    cucumber-sinatra (0.5.0)
      templater (>= 1.0.0)
    diff-lcs (1.2.5)
    extlib (0.9.16)
    gherkin (2.12.2)
      multi_json (~> 1.3)
    hashids (1.0.2)
    highline (1.7.0)
    i18n (0.7.0)
    json (1.8.2)
    mime-types (2.4.3)
    minitest (5.5.1)
    mongo (1.12.0)
      bson (= 1.12.0)
    mongo_mapper (0.13.1)
      activemodel (>= 3.0.0)
      activesupport (>= 3.0)
      mongo (~> 1.8)
      plucky (~> 0.6.5)
    multi_json (1.10.1)
    multi_test (0.1.2)
    netrc (0.10.2)
    plucky (0.6.6)
      mongo (~> 1.5)
    rack (1.6.0)
    rack-protection (1.5.3)
      rack
    rest-client (1.7.3)
      mime-types (>= 1.16, < 3.0)
      netrc (~> 0.7)
    rubysl-securerandom (2.0.0)
    sinatra (1.4.5)
      rack (~> 1.4)
      rack-protection (~> 1.4)
      tilt (~> 1.3, >= 1.3.4)
    templater (1.0.0)
      diff-lcs (>= 1.1.2)
      extlib (>= 0.9.5)
      highline (>= 1.4.0)
    thread_safe (0.3.4)
    tilt (1.4.1)
    tzinfo (1.2.2)
      thread_safe (~> 0.1)

PLATFORMS
  ruby

DEPENDENCIES
  bson_ext
  cucumber
  cucumber-sinatra
  hashids
  minitest
  mongo
  mongo_mapper
  rest-client
  rubysl-securerandom
  sinatra
